GEM
  remote: http://rubygems.org/
  remote: http://gemcutter.org/
  specs:
    RedCloth (4.2.3)
    actionmailer (2.3.10)
      actionpack (= 2.3.10)
    actionpack (2.3.10)
      activesupport (= 2.3.10)
      rack (~> 1.1.0)
    active-fedora (1.2.9)
      activeresource (< 3.0.0)
      activeresource (< 3.0.0)
      mediashelf-loggable
      mime-types (>= 1.16)
      mime-types (>= 1.16)
      multipart-post
      multipart-post
      nokogiri
      nokogiri
      om (>= 1.0)
      om (>= 1.0)
      solr-ruby (>= 0.0.6)
      solr-ruby (>= 0.0.6)
      solrizer (>= 0.3.0)
      solrizer (>= 0.3.0)
      xml-simple (>= 1.0.12)
      xml-simple (>= 1.0.12)
    activerecord (2.3.10)
      activesupport (= 2.3.10)
    activeresource (2.3.10)
      activesupport (= 2.3.10)
    activesupport (2.3.10)
    authlogic (2.1.6)
      activesupport
    aws-s3 (0.6.2)
      builder
      mime-types
      xml-simple
    block_helpers (0.3.3)
      activesupport (>= 2.0)
    builder (3.0.0)
    columnize (0.3.2)
    crack (0.1.8)
    cucumber (0.10.0)
      builder (>= 2.1.2)
      diff-lcs (~> 1.1.2)
      gherkin (~> 2.3.2)
      json (~> 1.4.6)
      term-ansicolor (~> 1.0.5)
    cucumber-rails (0.3.2)
      cucumber (>= 0.8.0)
    curb (0.7.10)
    database_cleaner (0.6.1)
    diff-lcs (1.1.2)
    facets (2.8.4)
    fastercsv (1.5.4)
    gherkin (2.3.3)
      json (~> 1.4.6)
    haml (3.0.25)
    httparty (0.7.3)
      crack (= 0.1.8)
    json (1.4.6)
    json_pure (1.5.1)
    linecache (0.43)
    marc (0.4.1)
    mediashelf-loggable (0.4.0)
    mime-types (1.16)
    mocha (0.9.10)
      rake
    multipart-post (1.1.0)
    mysql (2.8.1)
    nokogiri (1.4.3.1)
    om (1.0.2)
      facets
      facets
      nokogiri
      nokogiri (>= 1.4.2)
    rack (1.1.0)
    rack-test (0.5.7)
      rack (>= 1.0)
    rails (2.3.10)
      actionmailer (= 2.3.10)
      actionpack (= 2.3.10)
      activerecord (= 2.3.10)
      activeresource (= 2.3.10)
      activesupport (= 2.3.10)
      rake (>= 0.8.3)
    rake (0.8.7)
    rcov (0.9.9)
    rsolr (1.0.0)
      builder (>= 2.1.2)
    rsolr-ext (0.12.1)
      rsolr (>= 0.12.1)
    rspec (1.3.1)
    rspec-rails (1.3.3)
      rack (>= 1.0.0)
      rspec (= 1.3.1)
    ruby-debug (0.10.4)
      columnize (>= 0.1)
      ruby-debug-base (~> 0.10.4.0)
    ruby-debug-base (0.10.4)
      linecache (>= 0.3)
    solr-ruby (0.0.8)
    solrizer (0.3.2)
      mediashelf-loggable
      nokogiri
      nokogiri
      om
      solr-ruby
    solrizer-fedora (0.1.1)
    sqlite3-ruby (1.3.0)
    term-ansicolor (1.0.5)
    trollop (1.16.2)
    webrat (0.7.3)
      nokogiri (>= 1.2.0)
      rack (>= 1.0)
      rack-test (>= 0.5.3)
    will_paginate (2.3.15)
    xml-simple (1.0.14)

PLATFORMS
  ruby

DEPENDENCIES
  RedCloth
  active-fedora (= 1.2.9)
  authlogic (>= 0.1.0)
  aws-s3
  block_helpers
  builder
  columnize
  crack
  cucumber (>= 0.8.5)
  cucumber-rails
  curb
  database_cleaner
  diff-lcs
  facets (= 2.8.4)
  fastercsv
  gherkin
  haml
  httparty
  json_pure (> 1.4.3)
  linecache
  marc
  mime-types
  mocha
  multipart-post
  mysql
  nokogiri (= 1.4.3.1)
  om (>= 1.0.0)
  rack
  rack-test
  rails (>= 2.3.5, < 3.0.0)
  rake
  rcov
  rsolr
  rsolr-ext
  rspec (< 2.0.0)
  rspec-rails (< 2.0.0)
  ruby-debug
  ruby-debug-base
  solr-ruby
  solrizer (>= 0.3.1)
  solrizer-fedora
  sqlite3-ruby (= 1.3.0)
  term-ansicolor
  trollop
  webrat
  will_paginate
  xml-simple
