GEM
  remote: http://rubygems.org/
  remote: http://gemcutter.org/
  specs:
    RedCloth (4.2.3)
    actionmailer (2.3.5)
      actionpack (= 2.3.5)
    actionpack (2.3.5)
      activesupport (= 2.3.5)
      rack (~> 1.0.0)
    active-fedora (1.2.3)
      mime-types (>= 1.16)
      multipart-post
      nokogiri
      om (>= 1.0)
      solr-ruby (>= 0.0.6)
      xml-simple (>= 1.0.12)
    activerecord (2.3.5)
      activesupport (= 2.3.5)
    activeresource (2.3.5)
      activesupport (= 2.3.5)
    activesupport (2.3.5)
    authlogic (2.1.6)
      activesupport
    aws-s3 (0.6.2)
      builder
      mime-types
      xml-simple
    block_helpers (0.3.3)
      activesupport (>= 2.0)
    builder (2.1.2)
    columnize (0.3.1)
    crack (0.1.8)
    cucumber (0.9.2)
      builder (~> 2.1.2)
      diff-lcs (~> 1.1.2)
      gherkin (~> 2.2.5)
      json (~> 1.4.6)
      term-ansicolor (~> 1.0.5)
    cucumber-rails (0.3.2)
      cucumber (>= 0.8.0)
    curb (0.7.8)
    database_cleaner (0.5.2)
    diff-lcs (1.1.2)
    facets (2.8.4)
    fastercsv (1.5.3)
    gherkin (2.2.8)
      json (~> 1.4.6)
      term-ansicolor (~> 1.0.5)
    haml (3.0.21)
    httparty (0.6.1)
      crack (= 0.1.8)
    json (1.4.6)
    json_pure (1.4.6)
    linecache (0.43)
    marc (0.4.1)
    mime-types (1.16)
    mocha (0.9.8)
      rake
    multipart-post (1.0.1)
    nokogiri (1.4.3.1)
    om (1.0.0)
      facets
      nokogiri (>= 1.4.2)
    rack (1.0.1)
    rack-test (0.5.6)
      rack (>= 1.0)
    rails (2.3.5)
      actionmailer (= 2.3.5)
      actionpack (= 2.3.5)
      activerecord (= 2.3.5)
      activeresource (= 2.3.5)
      activesupport (= 2.3.5)
      rake (>= 0.8.3)
    rake (0.8.7)
    rcov (0.9.9)
    rsolr (0.12.1)
      builder (>= 2.1.2)
    rsolr-ext (0.12.1)
      rsolr (>= 0.12.1)
    rspec (1.3.1)
    rspec-rails (1.3.3)
      rack (>= 1.0.0)
      rspec (= 1.3.1)
    ruby-debug (0.10.3)
      columnize (>= 0.1)
      ruby-debug-base (~> 0.10.3.0)
    ruby-debug-base (0.10.3)
      linecache (>= 0.3)
    solr-ruby (0.0.8)
    solrizer (0.2.0)
      active-fedora (>= 1.1.5)
      om (>= 1.0.0)
    sqlite3-ruby (1.3.0)
    term-ansicolor (1.0.5)
    trollop (1.16.2)
    webrat (0.7.1)
      nokogiri (>= 1.2.0)
      rack (>= 1.0)
      rack-test (>= 0.5.3)
    will_paginate (2.3.15)
    xml-simple (1.0.12)

PLATFORMS
  ruby

DEPENDENCIES
  RedCloth
  active-fedora (>= 1.2.2)
  authlogic (>= 0.1.0)
  aws-s3
  block_helpers
  builder
  columnize
  crack
  cucumber
  cucumber-rails
  curb
  database_cleaner
  diff-lcs
  facets (= 2.8.4)
  fastercsv
  gherkin
  haml
  httparty
  json_pure (> 1.4.3)
  linecache
  marc
  mime-types
  mocha
  multipart-post
  nokogiri
  om (>= 1.0.0)
  rack
  rack-test
  rails (= 2.3.5)
  rake
  rcov
  rsolr
  rsolr-ext
  rspec (< 2.0.0)
  rspec-rails (< 2.0.0)
  ruby-debug
  ruby-debug-base
  solr-ruby
  solrizer (>= 0.2.0)
  sqlite3-ruby (= 1.3.0)
  term-ansicolor
  trollop
  webrat
  will_paginate
  xml-simple
